GEM
  remote: http://rubygems.org/
  specs:
    addressable (2.3.6)
    capistrano (2.13.5)
      highline
      net-scp (>= 1.0.0)
      net-sftp (>= 2.0.0)
      net-ssh (>= 2.0.14)
      net-ssh-gateway (>= 1.1.0)
    chronic (0.10.2)
    coderay (1.0.7)
    css_parser (1.3.5)
      addressable
    curb (0.8.6)
    feedjira (1.5.0)
      curb (~> 0.8)
      loofah (~> 2.0)
      sax-machine (~> 1.0)
    haml (4.0.5)
      tilt
    highline (1.6.15)
    htmlentities (4.3.2)
    loofah (2.0.1)
      nokogiri (>= 1.5.9)
    mail (2.6.1)
      mime-types (>= 1.16, < 3)
    method_source (0.8)
    mime-types (2.4.3)
    mini_portile (0.6.0)
    net-scp (1.0.4)
      net-ssh (>= 1.99.1)
    net-sftp (2.0.5)
      net-ssh (>= 2.0.9)
    net-ssh (2.6.2)
    net-ssh-gateway (1.1.0)
      net-ssh (>= 1.99.1)
    netrc (0.8.0)
    nokogiri (1.6.3.1)
      mini_portile (= 0.6.0)
    pony (1.11)
      mail (>= 2.0)
    premailer (1.8.2)
      css_parser (>= 1.3.5)
      htmlentities (>= 4.0.0)
    pry (0.9.10)
      coderay (~> 1.0.5)
      method_source (~> 0.8)
      slop (~> 3.3.1)
    rest-client (1.7.2)
      mime-types (>= 1.16, < 3.0)
      netrc (~> 0.7)
    sax-machine (1.0.2)
    slop (3.3.2)
    tilt (2.0.1)
    whenever (0.9.4)
      chronic (>= 0.6.3)
    yajl-ruby (1.2.1)

PLATFORMS
  ruby

DEPENDENCIES
  capistrano (~> 2.13.5)
  chronic (~> 0.10.2)
  feedjira (~> 1.5.0)
  haml (~> 4.0.5)
  nokogiri (~> 1.6.3.1)
  pony (~> 1.11)
  premailer (~> 1.8.2)
  pry
  rest-client (~> 1.7.2)
  tilt (~> 2.0.1)
  whenever (~> 0.9.4)
  yajl-ruby (~> 1.2.1)
